PATH
  remote: .
  specs:
    password_genie (0.1.1)
      sqlite3 (~> 1.4.0, >= 1.4.0)

GEM
  remote: https://rubygems.org/
  specs:
    rake (10.5.0)
    sqlite3 (1.4.0)

PLATFORMS
  ruby

DEPENDENCIES
  bundler (~> 2.0)
  password_genie!
  rake (~> 10.0, >= 10.5.0)
  sqlite3 (~> 1.4.0, >= 1.4.0)

RUBY VERSION
   ruby 2.3.7p456

BUNDLED WITH
   2.0.1
